GEM
  remote: https://rubygems.org/
  specs:
    addressable (2.8.6)
      public_suffix (>= 2.0.2, < 6.0)
    domain_name (0.6.20231109)
    ffi (1.16.3)
    ffi (1.16.3-x64-mingw-ucrt)
    ffi-compiler (1.0.1)
      ffi (>= 1.0.0)
      rake
    http (5.1.1)
      addressable (~> 2.8)
      http-cookie (~> 1.0)
      http-form_data (~> 2.2)
      llhttp-ffi (~> 0.4.0)
    http-cookie (1.0.5)
      domain_name (~> 0.5)
    http-form_data (2.3.0)
    llhttp-ffi (0.4.0)
      ffi-compiler (~> 1.0)
      rake (~> 13.0)
    nio4r (2.7.0)
    prometheus-client (4.2.2)
    public_suffix (5.0.4)
    puma (6.4.0)
      nio4r (~> 2.0)
    rack (3.0.8)
    rake (13.1.0)

PLATFORMS
  aarch64-linux
  arm64-darwin-21
  x64-mingw-ucrt

DEPENDENCIES
  http
  prometheus-client
  puma
  rack

RUBY VERSION
   ruby 3.2.2p53

BUNDLED WITH
   2.5.3
